PATH
  remote: .
  specs:
    kitabu (1.0.0)
      RedCloth (~> 4.2.3)
      activesupport (~> 3.0.3)
      eeepub (~> 0.6.1)
      i18n (~> 0.5.0)
      nokogiri (~> 1.4.4)
      notifier (~> 0.1.2)
      rdiscount (~> 1.6.5)
      thor (~> 0.14.6)
      watchr (~> 0.7.0)

GEM
  remote: http://rubygems.org/
  specs:
    RedCloth (4.2.3)
    ZenTest (4.4.2)
    activesupport (3.0.3)
    archive-tar-minitar (0.5.2)
    builder (3.0.0)
    columnize (0.3.2)
    diff-lcs (1.1.2)
    eeepub (0.6.1)
      builder
    i18n (0.5.0)
    linecache19 (0.5.11)
      ruby_core_source (>= 0.1.4)
    nokogiri (1.4.4)
    notifier (0.1.2)
    rdiscount (1.6.5)
    rspec (2.5.0)
      rspec-core (~> 2.5.0)
      rspec-expectations (~> 2.5.0)
      rspec-mocks (~> 2.5.0)
    rspec-core (2.5.1)
    rspec-expectations (2.5.0)
      diff-lcs (~> 1.1.2)
    rspec-mocks (2.5.0)
    ruby-debug-base19 (0.11.24)
      columnize (>= 0.3.1)
      linecache19 (>= 0.5.11)
      ruby_core_source (>= 0.1.4)
    ruby-debug19 (0.11.6)
      columnize (>= 0.3.1)
      linecache19 (>= 0.5.11)
      ruby-debug-base19 (>= 0.11.19)
    ruby_core_source (0.1.4)
      archive-tar-minitar (>= 0.5.2)
    test_notifier (0.3.6)
      notifier
    thor (0.14.6)
    watchr (0.7)

PLATFORMS
  ruby

DEPENDENCIES
  ZenTest (~> 4.4.1)
  kitabu!
  rspec (~> 2.5.0)
  ruby-debug19
  test_notifier (~> 0.3.6)
