PATH
  remote: .
  specs:
    kitabu (1.0.0.rc1)
      RedCloth (~> 4.2)
      activesupport (~> 3.0)
      eeepub-with-cover-support (~> 0.8)
      i18n (~> 0.5)
      nokogiri (~> 1.5)
      notifier (~> 0.1)
      pygments.rb (~> 0.2)
      rdiscount (~> 1.6)
      thor (~> 0.14)
      watchr (~> 0.7)

GEM
  remote: http://rubygems.org/
  specs:
    RedCloth (4.2.9)
    activesupport (3.2.3)
      i18n (~> 0.6)
      multi_json (~> 1.0)
    blankslate (2.1.2.4)
    builder (3.0.0)
    diff-lcs (1.1.3)
    eeepub-with-cover-support (0.8.7)
      builder
      rubyzip
    ffi (1.0.11)
    i18n (0.6.0)
    multi_json (1.3.2)
    nokogiri (1.5.2)
    notifier (0.1.4)
    pygments.rb (0.2.12)
      rubypython (~> 0.5.3)
    rake (0.9.2.2)
    rdiscount (1.6.8)
    rspec (2.9.0)
      rspec-core (~> 2.9.0)
      rspec-expectations (~> 2.9.0)
      rspec-mocks (~> 2.9.0)
    rspec-core (2.9.0)
    rspec-expectations (2.9.1)
      diff-lcs (~> 1.1.3)
    rspec-mocks (2.9.0)
    rubypython (0.5.3)
      blankslate (>= 2.1.2.3)
      ffi (~> 1.0.7)
    rubyzip (0.9.7)
    test_notifier (1.0.0)
      notifier
    thor (0.14.6)
    watchr (0.7)

PLATFORMS
  ruby

DEPENDENCIES
  kitabu!
  rake
  rspec
  test_notifier
