PATH
  remote: .
  specs:
    kitabu (1.0.0.rc1)
      RedCloth (~> 4.2)
      activesupport (~> 3.0)
      coderay
      eeepub-with-cover-support (~> 0.8)
      i18n (~> 0.5)
      nokogiri (~> 1.5)
      notifier (~> 0.1)
      rdiscount (~> 1.6)
      thor (~> 0.14)
      watchr (~> 0.7)

GEM
  remote: http://rubygems.org/
  specs:
    RedCloth (4.2.9)
    activesupport (3.2.3)
      i18n (~> 0.6)
      multi_json (~> 1.0)
    builder (3.0.0)
    coderay (1.0.6)
    diff-lcs (1.1.3)
    eeepub-with-cover-support (0.8.7)
      builder
      rubyzip
    i18n (0.6.0)
    multi_json (1.3.5)
    nokogiri (1.5.2)
    notifier (0.2.1)
    rake (0.9.2.2)
    rdiscount (1.6.8)
    rspec (2.10.0)
      rspec-core (~> 2.10.0)
      rspec-expectations (~> 2.10.0)
      rspec-mocks (~> 2.10.0)
    rspec-core (2.10.1)
    rspec-expectations (2.10.0)
      diff-lcs (~> 1.1.3)
    rspec-mocks (2.10.1)
    rubyzip (0.9.8)
    test_notifier (1.0.0)
      notifier
    thor (0.15.2)
    watchr (0.7)

PLATFORMS
  ruby

DEPENDENCIES
  kitabu!
  rake
  rspec
  test_notifier
