PATH
  remote: .
  specs:
    kitabu (1.0.5)
      RedCloth
      activesupport
      coderay
      eeepub-with-cover-support
      i18n
      nokogiri
      notifier
      rdiscount
      rubyzip (< 1.0.0)
      thor

GEM
  remote: https://rubygems.org/
  specs:
    RedCloth (4.2.9)
    activesupport (4.0.4)
      i18n (~> 0.6, >= 0.6.9)
      minitest (~> 4.2)
      multi_json (~> 1.3)
      thread_safe (~> 0.1)
      tzinfo (~> 0.3.37)
    atomic (1.1.16)
    awesome_print (1.2.0)
    builder (3.2.2)
    coderay (1.1.0)
    diff-lcs (1.2.5)
    eeepub-with-cover-support (0.8.8)
      builder
      rubyzip
    i18n (0.6.9)
    method_source (0.8.2)
    mini_portile (0.5.3)
    minitest (4.7.5)
    multi_json (1.9.2)
    nokogiri (1.6.1)
      mini_portile (~> 0.5.0)
    notifier (0.4.1)
    pry (0.9.12.6)
      coderay (~> 1.0)
      method_source (~> 0.8)
      slop (~> 3.4)
    pry-nav (0.2.3)
      pry (~> 0.9.10)
    rake (10.2.2)
    rdiscount (2.1.7)
    rspec (2.14.1)
      rspec-core (~> 2.14.0)
      rspec-expectations (~> 2.14.0)
      rspec-mocks (~> 2.14.0)
    rspec-core (2.14.8)
    rspec-expectations (2.14.5)
      diff-lcs (>= 1.1.3, < 2.0)
    rspec-mocks (2.14.6)
    rubyzip (0.9.9)
    slop (3.5.0)
    test_notifier (1.0.1)
      notifier
    thor (0.19.1)
    thread_safe (0.3.1)
      atomic (>= 1.1.7, < 2)
    tzinfo (0.3.39)

PLATFORMS
  ruby

DEPENDENCIES
  awesome_print
  kitabu!
  pry
  pry-nav
  rake
  rspec
  test_notifier
