PATH
  remote: .
  specs:
    kitabu (1.0.4)
      RedCloth
      activesupport
      coderay
      eeepub-with-cover-support
      i18n
      nokogiri
      notifier
      rdiscount
      rubyzip (< 1.0.0)
      thor

GEM
  remote: https://rubygems.org/
  specs:
    RedCloth (4.2.9)
    activesupport (4.0.0)
      i18n (~> 0.6, >= 0.6.4)
      minitest (~> 4.2)
      multi_json (~> 1.3)
      thread_safe (~> 0.1)
      tzinfo (~> 0.3.37)
    atomic (1.1.14)
    awesome_print (1.2.0)
    builder (3.2.2)
    coderay (1.0.9)
    diff-lcs (1.2.4)
    eeepub-with-cover-support (0.8.8)
      builder
      rubyzip
    i18n (0.6.5)
    method_source (0.8.2)
    mini_portile (0.5.1)
    minitest (4.7.5)
    multi_json (1.8.2)
    nokogiri (1.6.0)
      mini_portile (~> 0.5.0)
    notifier (0.4.1)
    pry (0.9.12.2)
      coderay (~> 1.0.5)
      method_source (~> 0.8)
      slop (~> 3.4)
    pry-nav (0.2.3)
      pry (~> 0.9.10)
    rake (10.1.0)
    rdiscount (2.1.7)
    rspec (2.14.1)
      rspec-core (~> 2.14.0)
      rspec-expectations (~> 2.14.0)
      rspec-mocks (~> 2.14.0)
    rspec-core (2.14.5)
    rspec-expectations (2.14.3)
      diff-lcs (>= 1.1.3, < 2.0)
    rspec-mocks (2.14.3)
    rubyzip (0.9.9)
    slop (3.4.6)
    test_notifier (1.0.1)
      notifier
    thor (0.18.1)
    thread_safe (0.1.3)
      atomic
    tzinfo (0.3.38)

PLATFORMS
  ruby

DEPENDENCIES
  awesome_print
  kitabu!
  pry
  pry-nav
  rake
  rspec
  test_notifier
