PATH
  remote: .
  specs:
    kitabu (1.0.0)
      RedCloth (~> 4.2.4)
      activesupport (~> 3.0.3)
      eeepub (~> 0.6.1)
      i18n (~> 0.5.0)
      nokogiri (~> 1.4.4)
      notifier (~> 0.1.2)
      pygments.rb (~> 0.2.4)
      rdiscount (~> 1.6.5)
      thor (~> 0.14.6)
      watchr (~> 0.7.0)

GEM
  remote: http://rubygems.org/
  specs:
    RedCloth (4.2.9)
    ZenTest (4.4.2)
    activesupport (3.0.11)
    blankslate (2.1.2.4)
    builder (3.0.0)
    diff-lcs (1.1.2)
    eeepub (0.6.1)
      builder
    ffi (1.0.11)
    i18n (0.5.0)
    nokogiri (1.4.7)
    notifier (0.1.2)
    pygments.rb (0.2.4)
      rubypython (~> 0.5.3)
    rdiscount (1.6.8)
    rspec (2.5.0)
      rspec-core (~> 2.5.0)
      rspec-expectations (~> 2.5.0)
      rspec-mocks (~> 2.5.0)
    rspec-core (2.5.1)
    rspec-expectations (2.5.0)
      diff-lcs (~> 1.1.2)
    rspec-mocks (2.5.0)
    rubypython (0.5.3)
      blankslate (>= 2.1.2.3)
      ffi (~> 1.0.7)
    test_notifier (0.3.6)
      notifier
    thor (0.14.6)
    watchr (0.7)

PLATFORMS
  ruby

DEPENDENCIES
  ZenTest (~> 4.4.1)
  kitabu!
  rspec (~> 2.5.0)
  test_notifier (~> 0.3.6)
