PATH
  remote: .
  specs:
    kitabu (1.0.0.rc2)
      RedCloth
      activesupport
      coderay
      eeepub-with-cover-support
      i18n
      nokogiri
      notifier
      rdiscount
      thor
      watchr

GEM
  remote: http://rubygems.org/
  specs:
    RedCloth (4.2.9)
    activesupport (3.2.8)
      i18n (~> 0.6)
      multi_json (~> 1.0)
    builder (3.0.0)
    coderay (1.0.7)
    diff-lcs (1.1.3)
    eeepub-with-cover-support (0.8.7)
      builder
      rubyzip
    i18n (0.6.0)
    multi_json (1.3.6)
    nokogiri (1.5.5)
    notifier (0.2.1)
    rake (0.9.2.2)
    rdiscount (1.6.8)
    rspec (2.11.0)
      rspec-core (~> 2.11.0)
      rspec-expectations (~> 2.11.0)
      rspec-mocks (~> 2.11.0)
    rspec-core (2.11.1)
    rspec-expectations (2.11.2)
      diff-lcs (~> 1.1.3)
    rspec-mocks (2.11.2)
    rubyzip (0.9.9)
    test_notifier (1.0.0)
      notifier
    thor (0.16.0)
    watchr (0.7)

PLATFORMS
  ruby

DEPENDENCIES
  kitabu!
  rake
  rspec
  test_notifier
